GEM
  remote: http://rubygems.org/
  specs:
    ansi (1.4.3)
    builder (3.1.4)
    escape (0.0.4)
    hashie (1.2.0)
    metaclass (0.0.1)
    minitest (4.6.0)
    minitest-reporters (0.14.7)
      ansi
      builder
      minitest (>= 2.12, < 5.0)
      powerbar
    mocha (0.13.2)
      metaclass (~> 0.0.1)
    powerbar (1.0.11)
      ansi (~> 1.4.0)
      hashie (>= 1.1.0)
    rake (0.9.2.2)

PLATFORMS
  ruby

DEPENDENCIES
  escape
  minitest-reporters
  mocha
  rake
